GEM
  remote: http://rubygems.org/
  specs:
    adsf (1.1.1)
      rack (>= 1.0.0)
    chunky_png (1.2.6)
    coffee-script (2.2.0)
      coffee-script-source
      execjs
    coffee-script-source (1.3.3)
    colored (1.2)
    compass (0.12.2)
      chunky_png (~> 1.2)
      fssm (>= 0.2.7)
      sass (~> 3.1)
    cri (2.3.0)
      colored (>= 1.2)
    execjs (1.4.0)
      multi_json (~> 1.0)
    fssm (0.2.9)
    haml (3.1.6)
    multi_json (1.3.6)
    nanoc (3.4.0)
      cri (~> 2.2)
    rack (1.4.1)
    rb-fsevent (0.9.1)
    sass (3.1.20)
    systemu (2.5.2)

PLATFORMS
  ruby

DEPENDENCIES
  adsf
  coffee-script
  compass
  haml
  nanoc
  rb-fsevent
  systemu
